GIT
  remote: git@github.com:aarongustafson/jekyll-webmention_io
  revision: 11f5169deae0d89b94b3b674327f05afa8ed1ca5
  branch: main
  specs:
    jekyll-webmention_io (4.0.0)
      activesupport (~> 7.0, >= 7.0.4.3)
      htmlbeautifier (~> 1.1)
      jekyll (>= 3.2.0, < 5.0)
      json (~> 2.0)
      jsonpath (~> 1.0.1)
      openssl (>= 2.0, < 4.0)
      uglifier (~> 4.1)
      webmention (~> 7.0)

GIT
  remote: https://github.com/sverrirs/jekyll-paginate-v2.git
  revision: 7bc2634c04c49120b674cc3506275f85c4389f5c
  specs:
    jekyll-paginate-v2 (3.0.0)
      jekyll (>= 3.0, < 5.0)

GEM
  remote: https://rubygems.org/
  specs:
    activesupport (7.1.5.1)
      base64
      benchmark (>= 0.3)
      bigdecimal
      concurrent-ruby (~> 1.0, >= 1.0.2)
      connection_pool (>= 2.2.5)
      drb
      i18n (>= 1.6, < 2)
      logger (>= 1.4.2)
      minitest (>= 5.1)
      mutex_m
      securerandom (>= 0.3)
      tzinfo (~> 2.0)
    addressable (2.8.7)
      public_suffix (>= 2.0.2, < 7.0)
    base64 (0.2.0)
    benchmark (0.4.0)
    bigdecimal (3.1.9)
    bourbon (4.3.4)
      sass (~> 3.4)
      thor (~> 0.19)
    colorator (1.1.0)
    concurrent-ruby (1.3.5)
    connection_pool (2.5.0)
    domain_name (0.6.20240107)
    drb (2.2.1)
    em-websocket (0.5.3)
      eventmachine (>= 0.12.9)
      http_parser.rb (~> 0)
    eventmachine (1.2.7)
    execjs (2.10.0)
    ffi (1.16.3)
    ffi-compiler (1.3.2)
      ffi (>= 1.15.5)
      rake
    forwardable-extended (2.6.0)
    htmlbeautifier (1.4.3)
    http (5.2.0)
      addressable (~> 2.8)
      base64 (~> 0.1)
      http-cookie (~> 1.0)
      http-form_data (~> 2.2)
      llhttp-ffi (~> 0.5.0)
    http-cookie (1.0.8)
      domain_name (~> 0.5)
    http-form_data (2.3.0)
    http_parser.rb (0.8.0)
    i18n (1.14.6)
      concurrent-ruby (~> 1.0)
    indieweb-endpoints (8.0.0)
      http (~> 5.0)
      link-header-parser (~> 5.0)
      nokogiri (>= 1.13)
    ipaddr (1.2.7)
    jekyll (4.3.4)
      addressable (~> 2.4)
      colorator (~> 1.0)
      em-websocket (~> 0.5)
      i18n (~> 1.0)
      jekyll-sass-converter (>= 2.0, < 4.0)
      jekyll-watch (~> 2.0)
      kramdown (~> 2.3, >= 2.3.1)
      kramdown-parser-gfm (~> 1.0)
      liquid (~> 4.0)
      mercenary (>= 0.3.6, < 0.5)
      pathutil (~> 0.9)
      rouge (>= 3.0, < 5.0)
      safe_yaml (~> 1.0)
      terminal-table (>= 1.8, < 4.0)
      webrick (~> 1.7)
    jekyll-feed (0.17.0)
      jekyll (>= 3.7, < 5.0)
    jekyll-sass-converter (2.2.0)
      sassc (> 2.0.1, < 3.0)
    jekyll-watch (2.2.1)
      listen (~> 3.0)
    json (2.6.3)
    jsonpath (1.0.7)
      multi_json
    kramdown (2.5.1)
      rexml (>= 3.3.9)
    kramdown-parser-gfm (1.1.0)
      kramdown (~> 2.0)
    link-header-parser (5.1.1)
    liquid (4.0.4)
    listen (3.9.0)
      rb-fsevent (~> 0.10, >= 0.10.3)
      rb-inotify (~> 0.9, >= 0.9.10)
    llhttp-ffi (0.5.0)
      ffi-compiler (~> 1.0)
      rake (~> 13.0)
    logger (1.6.5)
    mercenary (0.4.0)
    mini_portile2 (2.8.8)
    minitest (5.25.4)
    multi_json (1.15.0)
    mutex_m (0.3.0)
    nokogiri (1.15.7)
      mini_portile2 (~> 2.8.2)
      racc (~> 1.4)
    openssl (2.2.3)
      ipaddr
    pathutil (0.16.2)
      forwardable-extended (~> 2.6)
    public_suffix (5.1.1)
    pygments.rb (3.0.0)
    racc (1.8.1)
    rake (13.0.6)
    rb-fsevent (0.11.2)
    rb-inotify (0.11.1)
      ffi (~> 1.0)
    rexml (3.4.0)
    rouge (4.5.1)
    safe_yaml (1.0.5)
    sass (3.7.4)
      sass-listen (~> 4.0.0)
    sass-listen (4.0.0)
      rb-fsevent (~> 0.9, >= 0.9.4)
      rb-inotify (~> 0.9, >= 0.9.7)
    sassc (2.4.0)
      ffi (~> 1.9)
    securerandom (0.3.2)
    terminal-table (3.0.2)
      unicode-display_width (>= 1.1.1, < 3)
    thor (0.20.3)
    tzinfo (2.0.6)
      concurrent-ruby (~> 1.0)
    uglifier (4.2.1)
      execjs (>= 0.3.0, < 3)
    unicode-display_width (2.6.0)
    webmention (7.0.0)
      http (~> 5.0)
      indieweb-endpoints (~> 8.0)
      nokogiri (>= 1.13)
    webrick (1.9.1)

PLATFORMS
  ruby

DEPENDENCIES
  bourbon (~> 4.3)
  ffi (< 1.17)
  jekyll (~> 4.3.1)
  jekyll-feed (~> 0.6)
  jekyll-paginate-v2!
  jekyll-sass-converter (~> 2.0)
  jekyll-webmention_io!
  json (~> 2.6.3)
  kramdown
  openssl (< 3.0)
  pygments.rb
  rake (~> 13.0.3)
  sass (~> 3.4)

BUNDLED WITH
   2.1.4
